PATH
  remote: .
  specs:
    instructor-rb (0.1.0)
      activesupport (~> 7.0)
      easy_talk (~> 0.1.7)
      ruby-openai (~> 6)

GEM
  remote: https://rubygems.org/
  specs:
    activesupport (7.1.3.2)
      base64
      bigdecimal
      concurrent-ruby (~> 1.0, >= 1.0.2)
      connection_pool (>= 2.2.5)
      drb
      i18n (>= 1.6, < 2)
      minitest (>= 5.1)
      mutex_m
      tzinfo (~> 2.0)
    addressable (2.8.6)
      public_suffix (>= 2.0.2, < 6.0)
    ast (2.4.2)
    base64 (0.2.0)
    bigdecimal (3.1.7)
    coderay (1.1.3)
    concurrent-ruby (1.2.3)
    connection_pool (2.4.1)
    crack (1.0.0)
      bigdecimal
      rexml
    diff-lcs (1.5.1)
    drb (2.2.1)
    easy_talk (0.1.7)
      activesupport (~> 7.0)
      json-schema (~> 4)
      sorbet-runtime (~> 0.5)
    event_stream_parser (1.0.0)
    faraday (2.9.0)
      faraday-net_http (>= 2.0, < 3.2)
    faraday-multipart (1.0.4)
      multipart-post (~> 2)
    faraday-net_http (3.1.0)
      net-http
    hashdiff (1.1.0)
    i18n (1.14.4)
      concurrent-ruby (~> 1.0)
    json (2.7.2)
    json-schema (4.3.0)
      addressable (>= 2.8)
    language_server-protocol (3.17.0.3)
    method_source (1.0.0)
    minitest (5.22.3)
    multipart-post (2.4.0)
    mutex_m (0.2.0)
    net-http (0.4.1)
      uri
    parallel (1.24.0)
    parser (3.3.0.5)
      ast (~> 2.4.1)
      racc
    pry (0.14.2)
      coderay (~> 1.1)
      method_source (~> 1.0)
    public_suffix (5.0.5)
    racc (1.7.3)
    rainbow (3.1.1)
    rake (13.2.1)
    regexp_parser (2.9.0)
    rexml (3.2.6)
    rspec (3.13.0)
      rspec-core (~> 3.13.0)
      rspec-expectations (~> 3.13.0)
      rspec-mocks (~> 3.13.0)
    rspec-core (3.13.0)
      rspec-support (~> 3.13.0)
    rspec-expectations (3.13.0)
      diff-lcs (>= 1.2.0, < 2.0)
      rspec-support (~> 3.13.0)
    rspec-json_expectations (2.2.0)
    rspec-mocks (3.13.0)
      diff-lcs (>= 1.2.0, < 2.0)
      rspec-support (~> 3.13.0)
    rspec-support (3.13.1)
    rubocop (1.63.1)
      json (~> 2.3)
      language_server-protocol (>= 3.17.0)
      parallel (~> 1.10)
      parser (>= 3.3.0.2)
      rainbow (>= 2.2.2, < 4.0)
      regexp_parser (>= 1.8, < 3.0)
      rexml (>= 3.2.5, < 4.0)
      rubocop-ast (>= 1.31.1, < 2.0)
      ruby-progressbar (~> 1.7)
      unicode-display_width (>= 2.4.0, < 3.0)
    rubocop-ast (1.31.2)
      parser (>= 3.3.0.4)
    ruby-openai (6.5.0)
      event_stream_parser (>= 0.3.0, < 2.0.0)
      faraday (>= 1)
      faraday-multipart (>= 1)
    ruby-progressbar (1.13.0)
    sorbet-runtime (0.5.11347)
    tzinfo (2.0.6)
      concurrent-ruby (~> 1.0)
    unicode-display_width (2.5.0)
    uri (0.13.0)
    vcr (6.2.0)
    webmock (3.23.0)
      addressable (>= 2.8.0)
      crack (>= 0.3.2)
      hashdiff (>= 0.4.0, < 2.0.0)

PLATFORMS
  arm64-darwin-22
  ruby

DEPENDENCIES
  instructor-rb!
  pry (~> 0.13)
  rake (~> 13.1)
  rspec (~> 3.0)
  rspec-json_expectations (~> 2.0)
  rubocop (~> 1.21)
  vcr (~> 6.0)
  webmock (~> 3.13)

BUNDLED WITH
   2.5.4
